PATH
  remote: .
  specs:
    plate_validator (0.0.1)

GEM
  remote: http://rubygems.org/
  specs:
    diff-lcs (1.5.1)
    redcarpet (3.6.0)
    rspec (3.13.0)
      rspec-core (~> 3.13.0)
      rspec-expectations (~> 3.13.0)
      rspec-mocks (~> 3.13.0)
    rspec-core (3.13.0)
      rspec-support (~> 3.13.0)
    rspec-expectations (3.13.1)
      diff-lcs (>= 1.2.0, < 2.0)
      rspec-support (~> 3.13.0)
    rspec-mocks (3.13.1)
      diff-lcs (>= 1.2.0, < 2.0)
      rspec-support (~> 3.13.0)
    rspec-support (3.13.1)
    yard (0.9.36)

PLATFORMS
  arm64-darwin-20
  ruby

DEPENDENCIES
  plate_validator!
  redcarpet
  rspec (~> 3.6)
  yard

BUNDLED WITH
   2.5.1
